GIT
  remote: git@github.com:clearsightstudio/ProMotion.git
  revision: dde7938b65153e0ff39b5baefe312db4bac6ec54
  specs:
    ProMotion (1.0.3)

GIT
  remote: git@github.com:rubymotion/BubbleWrap.git
  revision: 9b0e3ae6f3903872a35a04db794bb54934ce6967
  specs:
    bubble-wrap (1.3.0)

GEM
  remote: https://rubygems.org/
  specs:
    CFPropertyList (2.2.1)
    activesupport (3.2.14)
      i18n (~> 0.6, >= 0.6.4)
      multi_json (~> 1.0)
    addressable (2.3.5)
    awesome_print (1.1.0)
    builder (3.2.2)
    calabash-cucumber (0.9.136)
      CFPropertyList
      awesome_print
      bundler (~> 1.1)
      cucumber
      httpclient (= 2.3.2)
      json
      location-one (~> 0.0.9)
      run_loop (= 0.0.5)
      sim_launcher (= 0.4.6)
      slowhandcuke
    claide (0.3.2)
    cocoapods (0.20.2)
      activesupport (~> 3.2.13)
      claide (~> 0.3.2)
      cocoapods-core (= 0.20.2)
      cocoapods-downloader (~> 0.1.1)
      colored (~> 1.2)
      escape (~> 0.0.4)
      faraday (~> 0.8.1)
      json (~> 1.8.0)
      octokit (~> 1.7)
      open4 (~> 1.3.0)
      rake (~> 10.0.0)
      xcodeproj (~> 0.6.0)
    cocoapods-core (0.20.2)
      activesupport (~> 3.2.13)
      rake (~> 10.0.0)
    cocoapods-downloader (0.1.2)
    codependency (2.0.0)
    coderay (1.0.9)
    colored (1.2)
    cucumber (1.3.8)
      builder (>= 2.1.2)
      diff-lcs (>= 1.1.3)
      gherkin (~> 2.12.1)
      multi_json (>= 1.7.5, < 2.0)
      multi_test (>= 0.0.2)
    diff-lcs (1.2.4)
    escape (0.0.4)
    faraday (0.8.8)
      multipart-post (~> 1.2.0)
    faraday_middleware (0.9.0)
      faraday (>= 0.7.4, < 0.9)
    ffi (1.9.0)
    formatador (0.2.4)
    formotion (1.5.0)
      bubble-wrap (~> 1.3.0)
      motion-require (~> 0.0.3)
    geocoder (1.1.8)
    gherkin (2.12.1)
      multi_json (~> 1.3)
    guard (1.8.2)
      formatador (>= 0.2.4)
      listen (>= 1.0.0)
      lumberjack (>= 1.0.2)
      pry (>= 0.9.10)
      thor (>= 0.14.6)
    guard-sass (1.3.2)
      guard (>= 1.1.0)
      sass (>= 3.1)
    hashie (2.0.5)
    httpclient (2.3.2)
    i18n (0.6.5)
    json (1.8.0)
    listen (1.3.1)
      rb-fsevent (>= 0.9.3)
      rb-inotify (>= 0.9)
      rb-kqueue (>= 0.2)
    location-one (0.0.9)
      geocoder (~> 1.1)
      httpclient (= 2.3.2)
      json
    lumberjack (1.0.4)
    map-kit-wrapper (0.0.5)
      codependency (= 2.0.0)
      rake
    method_source (0.8.2)
    motion-calabash (0.9.137)
      calabash-cucumber (= 0.9.136)
    motion-cocoapods (1.3.6)
      cocoapods (>= 0.17.0)
    motion-config-vars (0.1.0)
      motion-yaml (>= 1.0)
      rake-hooks (~> 1.2.3)
    motion-pixate (1.3)
      sass
    motion-require (0.0.7)
    motion-support (0.2.4)
      motion-require (>= 0.0.6)
    motion-testflight (1.5)
    motion-yaml (1.2)
    motion_model (0.4.6)
      bubble-wrap (= 1.3.0)
      motion-support (>= 0.1.0)
    multi_json (1.8.0)
    multi_test (0.0.2)
    multipart-post (1.2.0)
    netrc (0.7.7)
    octokit (1.25.0)
      addressable (~> 2.2)
      faraday (~> 0.8)
      faraday_middleware (~> 0.9)
      hashie (~> 2.0)
      multi_json (~> 1.3)
      netrc (~> 0.7.7)
    open4 (1.3.0)
    pry (0.9.12.2)
      coderay (~> 1.0.5)
      method_source (~> 0.8)
      slop (~> 3.4)
    rack (1.5.2)
    rack-protection (1.5.0)
      rack
    rake (10.0.4)
    rake-hooks (1.2.3)
      rake
    rb-fsevent (0.9.3)
    rb-inotify (0.9.2)
      ffi (>= 0.5.0)
    rb-kqueue (0.2.0)
      ffi (>= 0.5.0)
    ruby_motion_query (0.3.5)
    run_loop (0.0.5)
      thor
    sass (3.2.10)
    sim_launcher (0.4.6)
      sinatra
    simple_si (0.0.4)
    sinatra (1.4.3)
      rack (~> 1.4)
      rack-protection (~> 1.4)
      tilt (~> 1.3, >= 1.3.4)
    slop (3.4.6)
    slowhandcuke (0.0.3)
      cucumber
    sugarcube (1.1.0)
    thor (0.18.1)
    tilt (1.4.1)
    xcodeproj (0.6.0)
      activesupport (~> 3.2.13)
      colored (~> 1.2)

PLATFORMS
  ruby

DEPENDENCIES
  ProMotion!
  bubble-wrap!
  calabash-cucumber
  cocoapods (= 0.20.2)
  formotion
  guard
  guard-sass
  map-kit-wrapper
  motion-calabash (= 0.9.137)
  motion-cocoapods
  motion-config-vars
  motion-pixate
  motion-testflight
  motion_model
  rake
  ruby_motion_query
  simple_si
  sugarcube
